GEM
  remote: https://rubygems.org/
  specs:
    actioncable (8.0.3)
      actionpack (= 8.0.3)
      activesupport (= 8.0.3)
      nio4r (~> 2.0)
      websocket-driver (>= 0.6.1)
      zeitwerk (~> 2.6)
    actionmailbox (8.0.3)
      actionpack (= 8.0.3)
      activejob (= 8.0.3)
      activerecord (= 8.0.3)
      activestorage (= 8.0.3)
      activesupport (= 8.0.3)
      mail (>= 2.8.0)
    actionmailer (8.0.3)
      actionpack (= 8.0.3)
      actionview (= 8.0.3)
      activejob (= 8.0.3)
      activesupport (= 8.0.3)
      mail (>= 2.8.0)
      rails-dom-testing (~> 2.2)
    actionpack (8.0.3)
      actionview (= 8.0.3)
      activesupport (= 8.0.3)
      nokogiri (>= 1.8.5)
      rack (>= 2.2.4)
      rack-session (>= 1.0.1)
      rack-test (>= 0.6.3)
      rails-dom-testing (~> 2.2)
      rails-html-sanitizer (~> 1.6)
      useragent (~> 0.16)
    actiontext (8.0.3)
      actionpack (= 8.0.3)
      activerecord (= 8.0.3)
      activestorage (= 8.0.3)
      activesupport (= 8.0.3)
      globalid (>= 0.6.0)
      nokogiri (>= 1.8.5)
    actionview (8.0.3)
      activesupport (= 8.0.3)
      builder (~> 3.1)
      erubi (~> 1.11)
      rails-dom-testing (~> 2.2)
      rails-html-sanitizer (~> 1.6)
    active_storage-send_zip (0.3.5)
      rails (> 5.2)
      rubyzip (< 3.0)
    activejob (8.0.3)
      activesupport (= 8.0.3)
      globalid (>= 0.3.6)
    activemodel (8.0.3)
      activesupport (= 8.0.3)
    activerecord (8.0.3)
      activemodel (= 8.0.3)
      activesupport (= 8.0.3)
      timeout (>= 0.4.0)
    activestorage (8.0.3)
      actionpack (= 8.0.3)
      activejob (= 8.0.3)
      activerecord (= 8.0.3)
      activesupport (= 8.0.3)
      marcel (~> 1.0)
    activesupport (8.0.3)
      base64
      benchmark (>= 0.3)
      bigdecimal
      concurrent-ruby (~> 1.0, >= 1.3.1)
      connection_pool (>= 2.2.5)
      drb
      i18n (>= 1.6, < 2)
      logger (>= 1.4.2)
      minitest (>= 5.1)
      securerandom (>= 0.3)
      tzinfo (~> 2.0, >= 2.0.5)
      uri (>= 0.13.1)
    addressable (2.8.7)
      public_suffix (>= 2.0.2, < 7.0)
    aes_key_wrap (1.1.0)
    asciidoctor (2.0.23)
    ast (2.4.3)
    attr_required (1.0.2)
    azure-storage-blob (2.0.3)
      azure-storage-common (~> 2.0)
      nokogiri (~> 1, >= 1.10.8)
    azure-storage-common (2.0.4)
      faraday (~> 1.0)
      faraday_middleware (~> 1.0, >= 1.0.0.rc1)
      net-http-persistent (~> 4.0)
      nokogiri (~> 1, >= 1.10.8)
    base64 (0.3.0)
    benchmark (0.4.1)
    bigdecimal (3.3.0)
    bindata (2.5.1)
    bindex (0.8.1)
    bootsnap (1.18.6)
      msgpack (~> 1.2)
    bootstrap (5.3.5)
      popper_js (>= 2.11.8, < 3)
    brakeman (7.1.0)
      racc
    builder (3.3.0)
    caxlsx (4.2.0)
      htmlentities (~> 4.3, >= 4.3.4)
      marcel (~> 1.0)
      nokogiri (~> 1.10, >= 1.10.4)
      rubyzip (>= 1.3.0, < 3)
    caxlsx_rails (0.6.4)
      actionpack (>= 3.1)
      caxlsx (>= 3.0)
    coderay (1.1.3)
    concurrent-ruby (1.3.5)
    connection_pool (2.5.4)
    crass (1.0.6)
    curb (1.2.2)
    dartsass-sprockets (3.2.1)
      railties (>= 4.0.0)
      sassc-embedded (~> 1.80.1)
      sprockets (> 3.0)
      sprockets-rails
      tilt
    date (3.4.1)
    domain_name (0.6.20240107)
    drb (2.2.3)
    erb (5.0.3)
    erubi (1.13.1)
    exception_notification (5.0.1)
      actionmailer (>= 7.1, < 9)
      activesupport (>= 7.1, < 9)
    execjs (2.10.0)
    faraday (1.10.4)
      faraday-em_http (~> 1.0)
      faraday-em_synchrony (~> 1.0)
      faraday-excon (~> 1.1)
      faraday-httpclient (~> 1.0)
      faraday-multipart (~> 1.0)
      faraday-net_http (~> 1.0)
      faraday-net_http_persistent (~> 1.0)
      faraday-patron (~> 1.0)
      faraday-rack (~> 1.0)
      faraday-retry (~> 1.0)
      ruby2_keywords (>= 0.0.4)
    faraday-em_http (1.0.0)
    faraday-em_synchrony (1.0.1)
    faraday-excon (1.1.0)
    faraday-httpclient (1.0.1)
    faraday-multipart (1.1.1)
      multipart-post (~> 2.0)
    faraday-net_http (1.0.2)
    faraday-net_http_persistent (1.2.0)
    faraday-patron (1.0.0)
    faraday-rack (1.0.0)
    faraday-retry (1.0.3)
    faraday_middleware (1.2.1)
      faraday (~> 1.0)
    ffi (1.17.2-arm64-darwin)
    friendly_id (5.5.1)
      activerecord (>= 4.0.0)
    front_matter_parser (1.0.1)
    git (1.13.0)
      addressable (~> 2.8)
      rchardet (~> 1.8)
    globalid (1.3.0)
      activesupport (>= 6.1)
    google-protobuf (4.32.1-arm64-darwin)
      bigdecimal
      rake (>= 13)
    groupdate (6.7.0)
      activesupport (>= 7.1)
    htmlentities (4.3.4)
    http-accept (1.7.0)
    http-cookie (1.1.0)
      domain_name (~> 0.5)
    httpclient (2.9.0)
      mutex_m
    i18n (1.14.7)
      concurrent-ruby (~> 1.0)
    image_processing (1.14.0)
      mini_magick (>= 4.9.5, < 6)
      ruby-vips (>= 2.0.17, < 3)
    importmap-rails (2.2.2)
      actionpack (>= 6.0.0)
      activesupport (>= 6.0.0)
      railties (>= 6.0.0)
    io-console (0.8.1)
    irb (1.15.2)
      pp (>= 0.6.0)
      rdoc (>= 4.0.0)
      reline (>= 0.4.2)
    json (2.15.1)
    json-jwt (1.15.3.1)
      activesupport (>= 4.2)
      aes_key_wrap
      bindata
      httpclient
    katex (0.10.0)
      execjs (~> 2.8)
    kramdown (2.5.1)
      rexml (>= 3.3.9)
    kramdown-math-katex (1.0.1)
      katex (~> 0.4)
      kramdown (~> 2.0)
    language_server-protocol (3.17.0.5)
    libv8-node (24.1.0.0-arm64-darwin)
    lint_roller (1.1.0)
    logger (1.7.0)
    loofah (2.24.1)
      crass (~> 1.0.2)
      nokogiri (>= 1.12.0)
    mail (2.8.1)
      mini_mime (>= 0.1.1)
      net-imap
      net-pop
      net-smtp
    marcel (1.1.0)
    mime-types (3.7.0)
      logger
      mime-types-data (~> 3.2025, >= 3.2025.0507)
    mime-types-data (3.2025.0924)
    mini_magick (5.3.1)
      logger
    mini_mime (1.1.5)
    mini_racer (0.19.0)
      libv8-node (~> 24.1.0.0)
    minitest (5.26.0)
    msgpack (1.8.0)
    multipart-post (2.4.1)
    mutex_m (0.3.0)
    net-http-persistent (4.0.6)
      connection_pool (~> 2.2, >= 2.2.4)
    net-imap (0.5.12)
      date
      net-protocol
    net-pop (0.1.2)
      net-protocol
    net-protocol (0.2.2)
      timeout
    net-smtp (0.5.1)
      net-protocol
    netrc (0.11.0)
    nio4r (2.7.4)
    nokogiri (1.18.10-arm64-darwin)
      racc (~> 1.4)
    octokit (10.0.0)
      faraday (>= 1, < 3)
      sawyer (~> 0.9)
    openid_connect (1.4.2)
      activemodel
      attr_required (>= 1.0.0)
      json-jwt (>= 1.15.0)
      net-smtp
      rack-oauth2 (~> 1.21)
      swd (~> 1.3)
      tzinfo
      validate_email
      validate_url
      webfinger (~> 1.2)
    parallel (1.27.0)
    parser (3.3.9.0)
      ast (~> 2.4.1)
      racc
    pg (1.6.2-arm64-darwin)
    popper_js (2.11.8)
    pp (0.6.3)
      prettyprint
    prettyprint (0.2.0)
    prism (1.5.1)
    psych (5.2.6)
      date
      stringio
    public_suffix (6.0.2)
    puma (7.0.4)
      nio4r (~> 2.0)
    racc (1.8.1)
    rack (3.2.2)
    rack-cas (0.16.1)
      addressable (~> 2.3)
      nokogiri (~> 1.5)
      rack (>= 1.3)
    rack-oauth2 (1.21.3)
      activesupport
      attr_required
      httpclient
      json-jwt (>= 1.11.0)
      rack (>= 2.1.0)
    rack-session (2.1.1)
      base64 (>= 0.1.0)
      rack (>= 3.0.0)
    rack-test (2.2.0)
      rack (>= 1.3)
    rackup (2.2.1)
      rack (>= 3)
    rails (8.0.3)
      actioncable (= 8.0.3)
      actionmailbox (= 8.0.3)
      actionmailer (= 8.0.3)
      actionpack (= 8.0.3)
      actiontext (= 8.0.3)
      actionview (= 8.0.3)
      activejob (= 8.0.3)
      activemodel (= 8.0.3)
      activerecord (= 8.0.3)
      activestorage (= 8.0.3)
      activesupport (= 8.0.3)
      bundler (>= 1.15.0)
      railties (= 8.0.3)
    rails-dom-testing (2.3.0)
      activesupport (>= 5.0.0)
      minitest
      nokogiri (>= 1.6)
    rails-html-sanitizer (1.6.2)
      loofah (~> 2.21)
      nokogiri (>= 1.15.7, != 1.16.7, != 1.16.6, != 1.16.5, != 1.16.4, != 1.16.3, != 1.16.2, != 1.16.1, != 1.16.0.rc1, != 1.16.0)
    rails-settings-cached (2.9.6)
      activerecord (>= 5.0.0)
      railties (>= 5.0.0)
    railties (8.0.3)
      actionpack (= 8.0.3)
      activesupport (= 8.0.3)
      irb (~> 1.13)
      rackup (>= 1.0.0)
      rake (>= 12.2)
      thor (~> 1.0, >= 1.2.2)
      tsort (>= 0.2)
      zeitwerk (~> 2.6)
    rainbow (3.1.1)
    rake (13.3.0)
    rchardet (1.10.0)
    rdoc (6.15.0)
      erb
      psych (>= 4.0.0)
      tsort
    regexp_parser (2.11.3)
    reline (0.6.2)
      io-console (~> 0.5)
    rest-client (2.1.0)
      http-accept (>= 1.7.0, < 2.0)
      http-cookie (>= 1.0.2, < 2.0)
      mime-types (>= 1.16, < 4.0)
      netrc (~> 0.8)
    rexml (3.4.4)
    rubocop (1.81.1)
      json (~> 2.3)
      language_server-protocol (~> 3.17.0.2)
      lint_roller (~> 1.1.0)
      parallel (~> 1.10)
      parser (>= 3.3.0.2)
      rainbow (>= 2.2.2, < 4.0)
      regexp_parser (>= 2.9.3, < 3.0)
      rubocop-ast (>= 1.47.1, < 2.0)
      ruby-progressbar (~> 1.7)
      unicode-display_width (>= 2.4.0, < 4.0)
    rubocop-ast (1.47.1)
      parser (>= 3.3.7.2)
      prism (~> 1.4)
    rubocop-performance (1.26.0)
      lint_roller (~> 1.1)
      rubocop (>= 1.75.0, < 2.0)
      rubocop-ast (>= 1.44.0, < 2.0)
    rubocop-rails (2.33.4)
      activesupport (>= 4.2.0)
      lint_roller (~> 1.1)
      rack (>= 1.1)
      rubocop (>= 1.75.0, < 2.0)
      rubocop-ast (>= 1.44.0, < 2.0)
    rubocop-rails-omakase (1.1.0)
      rubocop (>= 1.72)
      rubocop-performance (>= 1.24)
      rubocop-rails (>= 2.30)
    ruby-progressbar (1.13.0)
    ruby-vips (2.2.5)
      ffi (~> 1.12)
      logger
    ruby2_keywords (0.0.5)
    rubyzip (2.3.2)
    sass-embedded (1.93.2-arm64-darwin)
      google-protobuf (~> 4.31)
    sassc-embedded (1.80.5)
      sass-embedded (~> 1.80)
    sawyer (0.9.2)
      addressable (>= 2.3.5)
      faraday (>= 0.17.3, < 3)
    securerandom (0.4.1)
    solid_cache (1.0.7)
      activejob (>= 7.2)
      activerecord (>= 7.2)
      railties (>= 7.2)
    sprockets (4.2.2)
      concurrent-ruby (~> 1.0)
      logger
      rack (>= 2.2.4, < 4)
    sprockets-rails (3.5.2)
      actionpack (>= 6.1)
      activesupport (>= 6.1)
      sprockets (>= 3.0.0)
    sqlite3 (2.7.4-arm64-darwin)
    stimulus-rails (1.3.4)
      railties (>= 6.0.0)
    stringio (3.1.7)
    swd (1.3.0)
      activesupport (>= 3)
      attr_required (>= 0.0.5)
      httpclient (>= 2.4)
    thor (1.4.0)
    tilt (2.6.1)
    timeout (0.4.3)
    tsort (0.2.0)
    turbo-rails (2.0.17)
      actionpack (>= 7.1.0)
      railties (>= 7.1.0)
    tzinfo (2.0.6)
      concurrent-ruby (~> 1.0)
    unicode-display_width (3.2.0)
      unicode-emoji (~> 4.1)
    unicode-emoji (4.1.0)
    uri (1.0.4)
    useragent (0.16.11)
    validate_email (0.1.6)
      activemodel (>= 3.0)
      mail (>= 2.2.5)
    validate_url (1.0.15)
      activemodel (>= 3.0.0)
      public_suffix
    web-console (4.2.1)
      actionview (>= 6.0.0)
      activemodel (>= 6.0.0)
      bindex (>= 0.4.0)
      railties (>= 6.0.0)
    webfinger (1.2.0)
      activesupport
      httpclient (>= 2.4)
    websocket-driver (0.8.0)
      base64
      websocket-extensions (>= 0.1.0)
    websocket-extensions (0.1.5)
    zeitwerk (2.7.3)

PLATFORMS
  arm64-darwin-21
  arm64-darwin-22
  arm64-darwin-23

DEPENDENCIES
  active_storage-send_zip
  asciidoctor
  azure-storage-blob (~> 2.0)
  bootsnap
  bootstrap (~> 5.3.3)
  brakeman
  caxlsx_rails
  coderay
  curb
  dartsass-sprockets
  exception_notification
  friendly_id
  front_matter_parser
  git (= 1.13.0)
  groupdate
  image_processing (~> 1.12)
  importmap-rails
  katex (~> 0.10.0)
  kramdown
  kramdown-math-katex
  mini_racer
  octokit
  openid_connect
  pg
  puma (>= 5.0)
  rack-cas
  rails (~> 8.0.1)
  rails-settings-cached
  rest-client
  rubocop-rails-omakase
  rubyzip (~> 2.3.0)
  solid_cache
  sprockets-rails
  sqlite3 (>= 2.1)
  stimulus-rails
  turbo-rails
  web-console

BUNDLED WITH
   2.4.14
